GIT
  remote: git://github.com/afalkear/best_in_place_post.git
  revision: c89bf591ba747616b25ed5ec02528251760a2fbd
  specs:
    best_in_place (2.1.0)
      jquery-rails
      rails (>= 3.1)

GIT
  remote: git://github.com/plataformatec/devise.git
  revision: 6b5988d756d780903bf8c9ccb3e2b3b724ccebe8
  branch: rails4
  specs:
    devise (2.2.4)
      bcrypt-ruby (~> 3.0)
      orm_adapter (~> 0.1)
      railties (>= 3.2.6, < 5)
      warden (~> 1.2.1)

GEM
  remote: https://rubygems.org/
  specs:
    accounts_client (0.0.19)
      gravtastic
      logical_model (~> 0.5.0)
      railties (>= 3.1)
    actionmailer (4.0.0)
      actionpack (= 4.0.0)
      mail (~> 2.5.3)
    actionpack (4.0.0)
      activesupport (= 4.0.0)
      builder (~> 3.1.0)
      erubis (~> 2.7.0)
      rack (~> 1.5.2)
      rack-test (~> 0.6.2)
    activemodel (4.0.0)
      activesupport (= 4.0.0)
      builder (~> 3.1.0)
    activerecord (4.0.0)
      activemodel (= 4.0.0)
      activerecord-deprecated_finders (~> 1.0.2)
      activesupport (= 4.0.0)
      arel (~> 4.0.0)
    activerecord-deprecated_finders (1.0.3)
    activesupport (4.0.0)
      i18n (~> 0.6, >= 0.6.4)
      minitest (~> 4.2)
      multi_json (~> 1.3)
      thread_safe (~> 0.1)
      tzinfo (~> 0.3.37)
    arel (4.0.0)
    atomic (1.1.13)
    bcrypt-ruby (3.1.1)
    better_errors (0.9.0)
      coderay (>= 1.0.0)
      erubis (>= 2.6.6)
    binding_of_caller (0.7.2)
      debug_inspector (>= 0.0.1)
    builder (3.1.4)
    cancan (1.6.10)
    coderay (1.0.9)
    coffee-rails (4.0.0)
      coffee-script (>= 2.2.0)
      railties (>= 4.0.0.beta, < 5.0)
    coffee-script (2.2.0)
      coffee-script-source
      execjs
    coffee-script-source (1.6.3)
    commonjs (0.2.6)
    debug_inspector (0.0.2)
    devise_cas_authenticatable (1.3.2)
      devise (>= 1.2.0)
      rubycas-client (>= 2.2.1)
    diff-lcs (1.2.4)
    dotenv (0.8.0)
    erubis (2.7.0)
    ethon (0.4.2)
      ffi (~> 1.0.11)
      mime-types (~> 1.18)
    excon (0.39.5)
    execjs (2.0.0)
    factory_girl (4.2.0)
      activesupport (>= 3.0.0)
    factory_girl_rails (4.2.1)
      factory_girl (~> 4.2.0)
      railties (>= 3.0.0)
    ffi (1.0.11)
    figaro (0.7.0)
      bundler (~> 1.0)
      rails (>= 3, < 5)
    foreman (0.63.0)
      dotenv (>= 0.7)
      thor (>= 0.13.6)
    formtastic (2.2.1)
      actionpack (>= 3.0)
    formtastic-bootstrap (2.1.3)
      formtastic (~> 2.2)
    gravtastic (3.2.6)
    hike (1.2.3)
    i18n (0.6.5)
    jbuilder (1.5.0)
      activesupport (>= 3.0.0)
      multi_json (>= 1.2.0)
    jquery-rails (3.0.4)
      railties (>= 3.0, < 5.0)
      thor (>= 0.14, < 2.0)
    json (1.8.0)
    kaminari (0.13.0)
      actionpack (>= 3.0.0)
      activesupport (>= 3.0.0)
      railties (>= 3.0.0)
    less (2.3.2)
      commonjs (~> 0.2.6)
    less-rails (2.3.3)
      actionpack (>= 3.1)
      less (~> 2.3.1)
    libv8 (3.16.14.3)
    logical_model (0.5.8)
      activemodel
      activesupport
      ethon (= 0.4.2)
      kaminari (~> 0.13.0)
      typhoeus (= 0.5.0.alpha)
    mail (2.5.4)
      mime-types (~> 1.16)
      treetop (~> 1.4.8)
    mandrill-api (1.0.52)
      excon (>= 0.16.0, < 1.0)
      json (>= 1.7.7, < 2.0)
    mandrill_mailer (0.4.8)
      actionpack
      activesupport
      mandrill-api (~> 1.0.9)
    mime-types (1.24)
    minitest (4.7.5)
    multi_json (1.7.9)
    nucleo_client (0.0.3)
      logical_model (~> 0.5.6)
      protected_attributes
      railties (>= 3.1)
    orm_adapter (0.4.0)
    pg (0.16.0)
    polyglot (0.3.3)
    protected_attributes (1.0.3)
      activemodel (>= 4.0.0, < 5.0)
    rack (1.5.2)
    rack-test (0.6.2)
      rack (>= 1.0)
    rails (4.0.0)
      actionmailer (= 4.0.0)
      actionpack (= 4.0.0)
      activerecord (= 4.0.0)
      activesupport (= 4.0.0)
      bundler (>= 1.3.0, < 2.0)
      railties (= 4.0.0)
      sprockets-rails (~> 2.0.0)
    rails_12factor (0.0.2)
      rails_serve_static_assets
      rails_stdout_logging
    rails_serve_static_assets (0.0.1)
    rails_stdout_logging (0.0.1)
    railties (4.0.0)
      actionpack (= 4.0.0)
      activesupport (= 4.0.0)
      rake (>= 0.8.7)
      thor (>= 0.18.1, < 2.0)
    rake (10.1.0)
    rdoc (3.12.2)
      json (~> 1.4)
    ref (1.0.5)
    rspec-core (2.14.5)
    rspec-expectations (2.14.2)
      diff-lcs (>= 1.1.3, < 2.0)
    rspec-mocks (2.14.3)
    rspec-rails (2.14.0)
      actionpack (>= 3.0)
      activesupport (>= 3.0)
      railties (>= 3.0)
      rspec-core (~> 2.14.0)
      rspec-expectations (~> 2.14.0)
      rspec-mocks (~> 2.14.0)
    rubycas-client (2.3.9)
      activesupport
    sdoc (0.3.20)
      json (>= 1.1.3)
      rdoc (~> 3.10)
    shoulda-matchers (2.3.0)
      activesupport (>= 3.0.0)
    sprockets (2.10.0)
      hike (~> 1.2)
      multi_json (~> 1.0)
      rack (~> 1.0)
      tilt (~> 1.1, != 1.3.0)
    sprockets-rails (2.0.0)
      actionpack (>= 3.0)
      activesupport (>= 3.0)
      sprockets (~> 2.8)
    sqlite3 (1.3.8)
    therubyracer (0.12.0)
      libv8 (~> 3.16.14.0)
      ref
    thor (0.18.1)
    thread_safe (0.1.2)
      atomic
    tilt (1.4.1)
    treetop (1.4.15)
      polyglot
      polyglot (>= 0.3.1)
    twitter-bootstrap-rails (2.2.8)
      actionpack (>= 3.1)
      execjs
      rails (>= 3.1)
      railties (>= 3.1)
    typhoeus (0.5.0.alpha)
      ethon (~> 0.4.2)
    tzinfo (0.3.37)
    uglifier (2.1.2)
      execjs (>= 0.3.0)
      multi_json (~> 1.0, >= 1.0.2)
    warden (1.2.3)
      rack (>= 1.0)
    yard (0.8.7)
    yard-restful (1.2.2)
      yard (~> 0.8.3)

PLATFORMS
  ruby

DEPENDENCIES
  accounts_client (~> 0.0.19)
  best_in_place!
  better_errors
  binding_of_caller
  cancan
  coffee-rails (~> 4.0.0)
  devise!
  devise_cas_authenticatable
  factory_girl_rails
  figaro
  foreman
  formtastic
  formtastic-bootstrap
  jbuilder (~> 1.2)
  jquery-rails
  less-rails
  mandrill_mailer
  nucleo_client (~> 0.0.3)
  pg
  protected_attributes
  rails (= 4.0.0)
  rails_12factor
  rspec-rails
  sdoc
  shoulda-matchers
  sqlite3
  therubyracer
  twitter-bootstrap-rails
  uglifier (>= 1.3.0)
  yard (~> 0.8.3)
  yard-restful
